RESTRICTION: || (== net8.0) (== netstandard2.1)
NUGET
  remote: https://api.nuget.org/v3/index.json
    Albedo (2.0)
    AutoFixture (4.18.1)
      Fare (>= 2.1.1 < 3.0)
      System.ComponentModel.Annotations (>= 4.3)
    AutoFixture.Idioms (4.18.1)
      Albedo (>= 2.0 < 3.0)
      AutoFixture (>= 4.18.1)
      System.Reflection.Emit (>= 4.3)
    Be.Vlaanderen.Basisregisters.Build.Pipeline (7.0.4)
    Fare (2.2.1)
    Microsoft.CodeCoverage (17.9) - restriction: || (== net8.0) (&& (== netstandard2.1) (>= net462)) (&& (== netstandard2.1) (>= netcoreapp3.1))
    Microsoft.NET.Test.Sdk (17.9)
      Microsoft.CodeCoverage (>= 17.9) - restriction: || (== net8.0) (&& (== netstandard2.1) (>= net462)) (&& (== netstandard2.1) (>= netcoreapp3.1))
      Microsoft.TestPlatform.TestHost (>= 17.9) - restriction: || (== net8.0) (&& (== netstandard2.1) (>= netcoreapp3.1))
    Microsoft.TestPlatform.ObjectModel (17.9) - restriction: || (== net8.0) (&& (== netstandard2.1) (>= netcoreapp3.1))
      System.Reflection.Metadata (>= 1.6)
    Microsoft.TestPlatform.TestHost (17.9) - restriction: || (== net8.0) (&& (== netstandard2.1) (>= netcoreapp3.1))
      Microsoft.TestPlatform.ObjectModel (>= 17.9) - restriction: || (== net8.0) (&& (== netstandard2.1) (>= netcoreapp3.1))
      Newtonsoft.Json (>= 13.0.1) - restriction: || (== net8.0) (&& (== netstandard2.1) (>= netcoreapp3.1))
    Mono.Cecil (0.11.5)
    NetTopologySuite (2.5)
      System.Memory (>= 4.5.4)
    Newtonsoft.Json (13.0.3)
    PublicApiGenerator (11.1)
      Mono.Cecil (>= 0.11.5)
      System.CodeDom (>= 8.0)
    SourceLink.Copy.PdbFiles (2.8.3) - copy_local: true
    SourceLink.Embed.AllSourceFiles (2.8.3) - copy_local: true
    System.Buffers (4.5.1) - restriction: || (&& (== net8.0) (>= monotouch)) (&& (== net8.0) (>= net461)) (&& (== net8.0) (>= net462)) (&& (== net8.0) (< net6.0) (>= xamarinios)) (&& (== net8.0) (< net6.0) (>= xamarinmac)) (&& (== net8.0) (< net6.0) (>= xamarintvos)) (&& (== net8.0) (< net6.0) (>= xamarinwatchos)) (&& (== net8.0) (< netcoreapp2.0)) (&& (== net8.0) (< netstandard1.1)) (&& (== net8.0) (< netstandard2.0)) (== netstandard2.1)
    System.CodeDom (8.0)
    System.Collections.Immutable (8.0) - restriction: || (== net8.0) (&& (== netstandard2.1) (>= netcoreapp3.1))
    System.ComponentModel.Annotations (5.0)
    System.Memory (4.5.5)
      System.Buffers (>= 4.5.1) - restriction: || (&& (== net8.0) (>= monotouch)) (&& (== net8.0) (>= net461)) (&& (== net8.0) (< netcoreapp2.0)) (&& (== net8.0) (< netstandard1.1)) (&& (== net8.0) (< netstandard2.0)) (&& (== net8.0) (>= xamarinios)) (&& (== net8.0) (>= xamarinmac)) (&& (== net8.0) (>= xamarintvos)) (&& (== net8.0) (>= xamarinwatchos)) (== netstandard2.1)
      System.Numerics.Vectors (>= 4.4) - restriction: || (&& (== net8.0) (< netcoreapp2.0)) (== netstandard2.1)
      System.Runtime.CompilerServices.Unsafe (>= 4.5.3) - restriction: || (&& (== net8.0) (>= monotouch)) (&& (== net8.0) (>= net461)) (&& (== net8.0) (< netcoreapp2.0)) (&& (== net8.0) (< netcoreapp2.1)) (&& (== net8.0) (< netstandard1.1)) (&& (== net8.0) (< netstandard2.0)) (&& (== net8.0) (>= uap10.1)) (&& (== net8.0) (>= xamarinios)) (&& (== net8.0) (>= xamarinmac)) (&& (== net8.0) (>= xamarintvos)) (&& (== net8.0) (>= xamarinwatchos)) (== netstandard2.1)
    System.Numerics.Vectors (4.5) - restriction: || (&& (== net8.0) (>= net462)) (&& (== net8.0) (< netcoreapp2.0)) (== netstandard2.1)
    System.Reflection.Emit (4.7)
    System.Reflection.Metadata (8.0) - restriction: || (== net8.0) (&& (== netstandard2.1) (>= netcoreapp3.1))
      System.Collections.Immutable (>= 8.0)
    System.Runtime.CompilerServices.Unsafe (6.0) - restriction: || (&& (== net8.0) (>= net462)) (&& (== net8.0) (< net6.0)) (&& (== net8.0) (< net7.0)) (== netstandard2.1)
    System.Text.Encoding.CodePages (8.0)
      System.Memory (>= 4.5.5) - restriction: || (&& (== net8.0) (>= net462)) (&& (== net8.0) (< net6.0)) (== netstandard2.1)
      System.Runtime.CompilerServices.Unsafe (>= 6.0) - restriction: || (&& (== net8.0) (>= net462)) (&& (== net8.0) (< net6.0)) (&& (== net8.0) (< net7.0)) (== netstandard2.1)
    xunit (2.7)
      xunit.analyzers (>= 1.11)
      xunit.assert (>= 2.7)
      xunit.core (2.7)
    xunit.abstractions (2.0.3)
    xunit.analyzers (1.11)
    xunit.assert (2.7)
    xunit.categories (2.0.8)
      xunit.core (>= 2.4.1)
    xunit.core (2.7)
      xunit.extensibility.core (2.7)
      xunit.extensibility.execution (2.7)
    xunit.extensibility.core (2.7)
      xunit.abstractions (>= 2.0.3)
    xunit.extensibility.execution (2.7)
      xunit.extensibility.core (2.7)
    xunit.runner.visualstudio (2.5.7)
